GEM
  remote: https://rubygems.org/
  specs:
    benchmark-ips (2.7.2)

PLATFORMS
  ruby

DEPENDENCIES
  benchmark-ips!

RUBY VERSION
   ruby 2.5.0p-1

BUNDLED WITH
   1.14.6
